GEM
  remote: https://rubygems.org/
  specs:
    addressable (2.5.2)
      public_suffix (>= 2.0.2, < 4.0)
    bootstrap-sass (3.3.1.0)
      sass (~> 3.2)
    breakpoint (2.7.1)
      sass (~> 3.3)
      sassy-maps (< 1.0.0)
    chunky_png (1.3.10)
    compass (1.0.3)
      chunky_png (~> 1.2)
      compass-core (~> 1.0.2)
      compass-import-once (~> 1.0.5)
      rb-fsevent (>= 0.9.3)
      rb-inotify (>= 0.9)
      sass (>= 3.3.13, < 3.5)
    compass-core (1.0.3)
      multi_json (~> 1.0)
      sass (>= 3.3.0, < 3.5)
    compass-import-once (1.0.5)
      sass (>= 3.2, < 3.5)
    compass-normalize (1.5)
      compass (>= 0.12.0)
    compass-rgbapng (0.2.1)
      chunky_png (>= 0.8.0)
      compass (>= 0.10.0)
    compass-validator (3.0.1)
    css_parser (1.6.0)
      addressable
    ffi (1.9.25)
    multi_json (1.13.1)
    oily_png (1.2.1)
      chunky_png (~> 1.3.7)
    public_suffix (3.0.3)
    rb-fsevent (0.10.3)
    rb-inotify (0.9.10)
      ffi (>= 0.5.0, < 2)
    sass (3.4.25)
    sass-globbing (1.1.5)
      sass (>= 3.1)
    sassy-maps (0.4.0)
      sass (~> 3.3)
    susy (2.2.14)
      sass (>= 3.3.0, < 3.5)
    toolkit (2.10.2)
      sass (~> 3.3)

PLATFORMS
  ruby

DEPENDENCIES
  bootstrap-sass (~> 3.3.1.0)
  breakpoint
  compass (>= 1.0.3)
  compass-normalize
  compass-rgbapng
  compass-validator
  css_parser
  oily_png
  rb-inotify (~> 0.9)
  sass (~> 3.4)
  sass-globbing
  susy (~> 2.2)
  toolkit

BUNDLED WITH
   2.3.27
